PATH
  remote: .
  specs:
    cryptr (0.1.3)
      openssl
      rbnacl
      rbnacl-libsodium

GEM
  remote: https://rubygems.org/
  specs:
    ffi (1.9.18)
    minitest (5.10.3)
    openssl (2.0.6)
    rake (10.4.2)
    rbnacl (5.0.0)
      ffi
    rbnacl-libsodium (1.0.13)
      rbnacl (>= 3.0.1)

PLATFORMS
  ruby

DEPENDENCIES
  bundler (~> 1.16.a)
  cryptr!
  minitest (~> 5.0)
  rake (~> 10.0)

BUNDLED WITH
   1.16.0.pre.2
