PATH
  remote: .
  specs:
    cryptr (0.1.5)
      openssl
      rbnacl

GEM
  remote: https://rubygems.org/
  specs:
    ffi (1.9.25)
    minitest (5.10.3)
    openssl (2.1.1)
    rake (10.4.2)
    rbnacl (5.0.0)
      ffi

PLATFORMS
  ruby

DEPENDENCIES
  bundler (~> 1.16.a)
  cryptr!
  minitest (~> 5.0)
  rake (~> 10.0)

BUNDLED WITH
   1.16.1
